GEM
  remote: https://rubygems.org/
  specs:
    byebug (11.0.1)
    coderay (1.1.2)
    method_source (0.9.2)
    pry (0.12.2)
      coderay (~> 1.1.0)
      method_source (~> 0.9.0)
    sqlite3 (1.4.2)

PLATFORMS
  ruby

DEPENDENCIES
  byebug
  pry
  sqlite3

BUNDLED WITH
   2.0.1
